GEM
  remote: https://rubygems.org/
  specs:
    concurrent-ruby (1.2.2)
    cpf_utils (1.3.1)
    faker (3.1.1)
      i18n (>= 1.8.11, < 2)
    i18n (1.12.0)
      concurrent-ruby (~> 1.0)

PLATFORMS
  ruby

DEPENDENCIES
  cpf_utils
  faker

BUNDLED WITH
   2.1.4
